GEM
  remote: https://rubygems.org/
  specs:
    addressable (2.8.0)
      public_suffix (>= 2.0.2, < 5.0)
    faraday (1.5.1)
      faraday-em_http (~> 1.0)
      faraday-em_synchrony (~> 1.0)
      faraday-excon (~> 1.1)
      faraday-httpclient (~> 1.0.1)
      faraday-net_http (~> 1.0)
      faraday-net_http_persistent (~> 1.1)
      faraday-patron (~> 1.0)
      multipart-post (>= 1.2, < 3)
      ruby2_keywords (>= 0.0.4)
    faraday-em_http (1.0.0)
    faraday-em_synchrony (1.0.0)
    faraday-excon (1.1.0)
    faraday-httpclient (1.0.1)
    faraday-net_http (1.0.1)
    faraday-net_http_persistent (1.2.0)
    faraday-patron (1.0.0)
    licensed (1.2.0)
      bundler (~> 1.10)
      licensee (~> 9.0)
      octokit (~> 4.0)
      pathname-common_prefix (~> 0.0.1)
      thor (~> 0.19)
      tomlrb (~> 1.2)
    licensee (9.6.0)
      rugged (~> 0.24)
    multipart-post (2.1.1)
    octokit (4.21.0)
      faraday (>= 0.9)
      sawyer (~> 0.8.0, >= 0.5.3)
    pathname-common_prefix (0.0.1)
    public_suffix (4.0.6)
    ruby2_keywords (0.0.4)
    rugged (0.27.2)
    sawyer (0.8.2)
      addressable (>= 2.3.5)
      faraday (> 0.8, < 2.0)
    thor (0.20.0)
    tomlrb (1.2.7)

PLATFORMS
  ruby

DEPENDENCIES
  licensed

BUNDLED WITH
   1.16.1
